GEM
  remote: https://rubygems.org/
  specs:
    diff-lcs (1.2.5)
    rspec (3.3.0)
      rspec-core (~> 3.3.0)
      rspec-expectations (~> 3.3.0)
      rspec-mocks (~> 3.3.0)
    rspec-core (3.3.2)
      rspec-support (~> 3.3.0)
    rspec-expectations (3.3.1)
      diff-lcs (>= 1.2.0, < 2.0)
      rspec-support (~> 3.3.0)
    rspec-mocks (3.3.2)
      diff-lcs (>= 1.2.0, < 2.0)
      rspec-support (~> 3.3.0)
    rspec-support (3.3.0)

PLATFORMS
  ruby

DEPENDENCIES
  rspec

RUBY VERSION
   ruby 2.3.0p0

BUNDLED WITH
   1.13.0
